PATH
  remote: .
  specs:
    miniprofiler-dashboard (0.0.2)
      rack
      rack-mini-profiler

GEM
  remote: https://rubygems.org/
  specs:
    rack (1.5.2)
    rack-mini-profiler (0.9.0)
      rack (>= 1.1.3)
    rack-test (0.6.2)
      rack (>= 1.0)
    rake (10.1.1)

PLATFORMS
  ruby

DEPENDENCIES
  miniprofiler-dashboard!
  rack-test
  rake
